PATH
  remote: .
  specs:
    fancy_buff (2.5.0)
      rouge (~> 4.1)

GEM
  remote: https://rubygems.org/
  specs:
    minitest (5.18.1)
    rouge (4.1.2)

PLATFORMS
  x86_64-darwin-21

DEPENDENCIES
  fancy_buff!
  minitest

BUNDLED WITH
   2.3.14
